GEM
  specs:
    dotenv (2.8.1)

PLATFORMS
  ruby
  x86_64-linux

DEPENDENCIES
  dotenv

BUNDLED WITH
   2.5.5
